GEM
  remote: https://rubygems.org/
  specs:
    amq-protocol (1.8.0)
    amqp (1.1.1)
      amq-protocol (>= 1.8.0)
      eventmachine
    dotenv (0.9.0)
    eventmachine (1.0.3)
    excon (0.27.6)
    foreman (0.63.0)
      dotenv (>= 0.7)
      thor (>= 0.13.6)
    httparty (0.12.0)
      json (~> 1.8)
      multi_xml (>= 0.5.2)
    json (1.8.1)
    mandrill-api (1.0.49)
      excon (>= 0.16.0, < 1.0)
      json (>= 1.7.7, < 2.0)
    multi_xml (0.5.5)
    thor (0.18.1)

PLATFORMS
  ruby

DEPENDENCIES
  amqp
  foreman
  httparty
  json
  mandrill-api (~> 1.0.49)
